PATH
  remote: .
  specs:
    dynamictostatic (0.1.0)
      thor
      xcodeproj

GEM
  remote: https://rubygems.org/
  specs:
    CFPropertyList (2.3.5)
    claide (1.0.2)
    colored2 (3.1.2)
    diff-lcs (1.3)
    nanaimo (0.2.3)
    rake (10.5.0)
    rspec (3.7.0)
      rspec-core (~> 3.7.0)
      rspec-expectations (~> 3.7.0)
      rspec-mocks (~> 3.7.0)
    rspec-core (3.7.0)
      rspec-support (~> 3.7.0)
    rspec-expectations (3.7.0)
      diff-lcs (>= 1.2.0, < 2.0)
      rspec-support (~> 3.7.0)
    rspec-mocks (3.7.0)
      diff-lcs (>= 1.2.0, < 2.0)
      rspec-support (~> 3.7.0)
    rspec-support (3.7.0)
    thor (0.20.0)
    xcodeproj (1.5.2)
      CFPropertyList (~> 2.3.3)
      claide (>= 1.0.2, < 2.0)
      colored2 (~> 3.1)
      nanaimo (~> 0.2.3)

PLATFORMS
  ruby

DEPENDENCIES
  bundler (~> 1.15)
  dynamictostatic!
  rake (~> 10.0)
  rspec (~> 3.0)

BUNDLED WITH
   1.15.4
